GEM
  remote: https://rubygems.org/
  specs:
    todo_agent (0.1.0)

PLATFORMS
  ruby

DEPENDENCIES
  todo_agent (~> 0.1.0)

BUNDLED WITH
   2.4.10
